PATH
  remote: .
  specs:
    rails_lite (0.1.0)
      thor

GEM
  remote: https://rubygems.org/
  specs:
    rake (10.5.0)
    thor (0.20.3)

PLATFORMS
  ruby

DEPENDENCIES
  bundler (~> 1.17)
  rails_lite!
  rake (~> 10.0)

BUNDLED WITH
   1.17.1
